PATH
  remote: .
  specs:
    reckon (0.3.8)
      charlock_holmes (>= 0.6.9)
      chronic (>= 0.3.0)
      fastercsv (>= 1.5.1)
      highline (>= 1.5.2)
      terminal-table (>= 1.4.2)

GEM
  remote: http://rubygems.org/
  specs:
    charlock_holmes (0.6.9.4)
    chronic (0.9.1)
    coderay (1.0.9)
    diff-lcs (1.1.3)
    fastercsv (1.5.5)
    highline (1.6.19)
    method_source (0.8.2)
    pry (0.9.12.2)
      coderay (~> 1.0.5)
      method_source (~> 0.8)
      slop (~> 3.4)
    rake (10.0.4)
    rspec (2.11.0)
      rspec-core (~> 2.11.0)
      rspec-expectations (~> 2.11.0)
      rspec-mocks (~> 2.11.0)
    rspec-core (2.11.1)
    rspec-expectations (2.11.2)
      diff-lcs (~> 1.1.3)
    rspec-mocks (2.11.1)
    slop (3.4.6)
    terminal-table (1.4.5)

PLATFORMS
  ruby

DEPENDENCIES
  pry
  rake
  reckon!
  rspec (>= 1.2.9)
