PATH
  remote: .
  specs:
    reckon (0.9.6)
      chronic (>= 0.3.0)
      highline (~> 2.0)
      matrix (>= 0.4.2)
      rchardet (>= 1.8.0)

GEM
  remote: http://rubygems.org/
  specs:
    chronic (0.10.2)
    coderay (1.1.3)
    diff-lcs (1.5.0)
    highline (2.1.0)
    matrix (0.4.2)
    method_source (1.0.0)
    pry (0.14.2)
      coderay (~> 1.1)
      method_source (~> 1.0)
    rake (13.0.6)
    rantly (1.2.0)
    rchardet (1.8.0)
    rspec (3.12.0)
      rspec-core (~> 3.12.0)
      rspec-expectations (~> 3.12.0)
      rspec-mocks (~> 3.12.0)
    rspec-core (3.12.1)
      rspec-support (~> 3.12.0)
    rspec-expectations (3.12.2)
      diff-lcs (>= 1.2.0, < 2.0)
      rspec-support (~> 3.12.0)
    rspec-mocks (3.12.3)
      diff-lcs (>= 1.2.0, < 2.0)
      rspec-support (~> 3.12.0)
    rspec-support (3.12.0)

PLATFORMS
  ruby

DEPENDENCIES
  pry (>= 0.12.2)
  rake
  rantly (= 1.2.0)
  reckon!
  rspec (>= 1.2.9)

BUNDLED WITH
   2.3.5
