PATH
  remote: .
  specs:
    reckon (0.8.0)
      chronic (>= 0.3.0)
      highline (>= 1.5.2)
      matrix (>= 0.4.2)
      rchardet (>= 1.8.0)

GEM
  remote: http://rubygems.org/
  specs:
    chronic (0.10.2)
    coderay (1.1.2)
    diff-lcs (1.3)
    highline (2.0.3)
    matrix (0.4.2)
    method_source (0.9.2)
    pry (0.12.2)
      coderay (~> 1.1.0)
      method_source (~> 0.9.0)
    rake (12.3.3)
    rantly (1.2.0)
    rchardet (1.8.0)
    rspec (3.9.0)
      rspec-core (~> 3.9.0)
      rspec-expectations (~> 3.9.0)
      rspec-mocks (~> 3.9.0)
    rspec-core (3.9.1)
      rspec-support (~> 3.9.1)
    rspec-expectations (3.9.0)
      diff-lcs (>= 1.2.0, < 2.0)
      rspec-support (~> 3.9.0)
    rspec-mocks (3.9.1)
      diff-lcs (>= 1.2.0, < 2.0)
      rspec-support (~> 3.9.0)
    rspec-support (3.9.2)

PLATFORMS
  ruby

DEPENDENCIES
  pry (>= 0.12.2)
  rake
  rantly (= 1.2.0)
  reckon!
  rspec (>= 1.2.9)

BUNDLED WITH
   1.17.3
