PATH
  remote: .
  specs:
    reckon (0.11.0)
      abbrev (> 0.1)
      chronic (>= 0.3.0)
      csv (> 0.1)
      highline (~> 2.0)
      matrix (>= 0.4.2)
      rchardet (= 1.8.0)

GEM
  remote: http://rubygems.org/
  specs:
    abbrev (0.1.2)
    chronic (0.10.2)
    coderay (1.1.3)
    csv (3.3.2)
    diff-lcs (1.6.0)
    highline (2.1.0)
    matrix (0.4.2)
    method_source (1.1.0)
    pry (0.15.2)
      coderay (~> 1.1)
      method_source (~> 1.0)
    rake (13.2.1)
    rantly (1.2.0)
    rchardet (1.8.0)
    rspec (3.13.0)
      rspec-core (~> 3.13.0)
      rspec-expectations (~> 3.13.0)
      rspec-mocks (~> 3.13.0)
    rspec-core (3.13.3)
      rspec-support (~> 3.13.0)
    rspec-expectations (3.13.3)
      diff-lcs (>= 1.2.0, < 2.0)
      rspec-support (~> 3.13.0)
    rspec-mocks (3.13.2)
      diff-lcs (>= 1.2.0, < 2.0)
      rspec-support (~> 3.13.0)
    rspec-support (3.13.2)

PLATFORMS
  ruby

DEPENDENCIES
  pry (>= 0.12.2)
  rake
  rantly (= 1.2.0)
  reckon!
  rspec (>= 1.2.9)

BUNDLED WITH
   2.3.5
